GEM
  remote: https://rubygems.org/
  specs:
    activesupport (6.0.3.2)
      concurrent-ruby (~> 1.0, >= 1.0.2)
      i18n (>= 0.7, < 2)
      minitest (~> 5.1)
      tzinfo (~> 1.1)
      zeitwerk (~> 2.2, >= 2.2.2)
    backports (3.18.1)
    coderay (1.1.3)
    concurrent-ruby (1.1.6)
    diff-lcs (1.4)
    graphql (1.11.1)
    i18n (1.8.3)
      concurrent-ruby (~> 1.0)
    method_source (0.9.2)
    minitest (5.14.1)
    multi_json (1.14.1)
    mustermann (1.1.1)
      ruby2_keywords (~> 0.0.1)
    nio4r (2.5.2)
    pry (0.12.2)
      coderay (~> 1.1.0)
      method_source (~> 0.9.0)
    puma (4.3.5)
      nio4r (~> 2.0)
    rack (2.2.3)
    rack-contrib (2.2.0)
      rack (~> 2.0)
    rack-protection (2.0.8.1)
      rack
    rack-test (1.1.0)
      rack (>= 1.0, < 3)
    rake (13.0.1)
    rspec (3.9.0)
      rspec-core (~> 3.9.0)
      rspec-expectations (~> 3.9.0)
      rspec-mocks (~> 3.9.0)
    rspec-core (3.9.2)
      rspec-support (~> 3.9.3)
    rspec-expectations (3.9.2)
      diff-lcs (>= 1.2.0, < 2.0)
      rspec-support (~> 3.9.0)
    rspec-mocks (3.9.1)
      diff-lcs (>= 1.2.0, < 2.0)
      rspec-support (~> 3.9.0)
    rspec-support (3.9.3)
    ruby2_keywords (0.0.2)
    sinatra (2.0.8.1)
      mustermann (~> 1.0)
      rack (~> 2.0)
      rack-protection (= 2.0.8.1)
      tilt (~> 2.0)
    sinatra-contrib (2.0.8.1)
      backports (>= 2.8.2)
      multi_json
      mustermann (~> 1.0)
      rack-protection (= 2.0.8.1)
      sinatra (= 2.0.8.1)
      tilt (~> 2.0)
    thread_safe (0.3.6)
    tilt (2.0.10)
    tzinfo (1.2.7)
      thread_safe (~> 0.1)
    zeitwerk (2.3.0)

PLATFORMS
  ruby

DEPENDENCIES
  activesupport
  graphql
  pry (~> 0.12.2)
  puma
  rack-contrib
  rack-test
  rake
  rspec
  sinatra
  sinatra-contrib

BUNDLED WITH
   2.1.4
